GEM
  remote: https://rubygems.org/
  specs:
    ffi (1.17.0-x64-mingw-ucrt)

PLATFORMS
  x64-mingw-ucrt

DEPENDENCIES
  ffi (~> 1.17)

BUNDLED WITH
   2.5.22
